GEM
  remote: https://rubygems.org/
  specs:
    aws-sdk (1.32.0)
      json (~> 1.4)
      nokogiri (>= 1.4.4)
      uuidtools (~> 2.1)
    diff-lcs (1.2.5)
    humboldt (1.0.0-java)
      aws-sdk (>= 1.16.0, < 1.33.0)
      rubydoop (~> 1.1.2)
      thor
    json (1.8.1-java)
    nokogiri (1.6.2.1-java)
    rspec (3.0.0)
      rspec-core (~> 3.0.0)
      rspec-expectations (~> 3.0.0)
      rspec-mocks (~> 3.0.0)
    rspec-core (3.0.0)
      rspec-support (~> 3.0.0)
    rspec-expectations (3.0.0)
      diff-lcs (>= 1.2.0, < 2.0)
      rspec-support (~> 3.0.0)
    rspec-mocks (3.0.0)
      rspec-support (~> 3.0.0)
    rspec-support (3.0.0)
    rubydoop (1.1.3)
    thor (0.19.1)
    uuidtools (2.1.4)

PLATFORMS
  java

DEPENDENCIES
  humboldt
  rspec
  rubydoop
